GEM
  remote: https://rubygems.org/
  specs:
    json (2.6.3)

PLATFORMS
  x64-mingw-ucrt

DEPENDENCIES
  json

BUNDLED WITH
   2.4.10
